PATH
  remote: .
  specs:
    jsonapi_rails (0.1.0)
      hash_validator

GEM
  remote: https://rubygems.org/
  specs:
    activemodel (3.2.22.1)
      activesupport (= 3.2.22.1)
      builder (~> 3.0.0)
    activerecord (3.2.22.1)
      activemodel (= 3.2.22.1)
      activesupport (= 3.2.22.1)
      arel (~> 3.0.2)
      tzinfo (~> 0.3.29)
    activesupport (3.2.22.1)
      i18n (~> 0.6, >= 0.6.4)
      multi_json (~> 1.0)
    arel (3.0.3)
    builder (3.0.4)
    byebug (8.2.2)
    coderay (1.1.0)
    diff-lcs (1.2.5)
    hash_validator (0.4.0)
    i18n (0.7.0)
    json_api_ruby (0.2.1)
      activesupport (~> 3)
    method_source (0.8.2)
    multi_json (1.11.2)
    pry (0.10.3)
      coderay (~> 1.1.0)
      method_source (~> 0.8.1)
      slop (~> 3.4)
    pry-byebug (3.3.0)
      byebug (~> 8.0)
      pry (~> 0.10)
    rake (10.5.0)
    rspec (3.4.0)
      rspec-core (~> 3.4.0)
      rspec-expectations (~> 3.4.0)
      rspec-mocks (~> 3.4.0)
    rspec-core (3.4.2)
      rspec-support (~> 3.4.0)
    rspec-expectations (3.4.0)
      diff-lcs (>= 1.2.0, < 2.0)
      rspec-support (~> 3.4.0)
    rspec-mocks (3.4.1)
      diff-lcs (>= 1.2.0, < 2.0)
      rspec-support (~> 3.4.0)
    rspec-support (3.4.1)
    slop (3.6.0)
    sqlite3 (1.3.11)
    tzinfo (0.3.46)

PLATFORMS
  ruby

DEPENDENCIES
  activerecord (~> 3.2)
  activesupport (~> 3.2)
  bundler (~> 1.10)
  json_api_ruby
  jsonapi_rails!
  pry-byebug
  rake (~> 10.0)
  rspec
  sqlite3

BUNDLED WITH
   1.11.2
